PATH
  remote: .
  specs:
    bukkit (1.1.1)
      archive-zip
      colorize
      commander
      json
      launchy

GEM
  remote: https://rubygems.org/
  specs:
    addressable (2.3.5)
    archive-zip (0.6.0)
      io-like (>= 0.3.0)
    colorize (0.6.0)
    commander (4.1.5)
      highline (~> 1.6.11)
    highline (1.6.20)
    io-like (0.3.0)
    json (1.8.1)
    launchy (2.4.0)
      addressable (~> 2.3)
    rake (10.1.0)

PLATFORMS
  ruby

DEPENDENCIES
  bukkit!
  bundler
  rake
