PATH
  remote: .
  specs:
    bukkit (1.0.3)
      archive-zip
      colorize
      commander
      json
      launchy
      rake

GEM
  remote: https://rubygems.org/
  specs:
    addressable (2.3.5)
    archive-zip (0.6.0)
      io-like (>= 0.3.0)
    colorize (0.5.8)
    commander (4.1.5)
      highline (~> 1.6.11)
    highline (1.6.19)
    io-like (0.3.0)
    json (1.8.0)
    launchy (2.3.0)
      addressable (~> 2.3)
    rake (10.1.0)

PLATFORMS
  ruby

DEPENDENCIES
  bukkit!
